PATH
  remote: .
  specs:
    phony (0.1.0)

GEM
  remote: https://rubygems.org/
  specs:
    minitest (5.14.0)
    rake (13.0.1)

PLATFORMS
  ruby

DEPENDENCIES
  bundler (~> 2.0)
  minitest (~> 5.0)
  phony!
  rake (~> 13.0)

RUBY VERSION
   ruby 2.6.3p62

BUNDLED WITH
   2.1.4
